GEM
  remote: http://rubygems.org/
  specs:
    annotate (2.4.0)
    ansi (1.4.2)
    awesome_print (1.0.2)
    capybara (1.1.2)
      mime-types (>= 1.16)
      nokogiri (>= 1.3.3)
      rack (>= 1.0.0)
      rack-test (>= 0.5.4)
      selenium-webdriver (~> 2.0)
      xpath (~> 0.1.4)
    childprocess (0.3.1)
      ffi (~> 1.0.6)
    daemons (1.1.8)
    eventmachine (0.12.10)
    ffi (1.0.11)
    foreman (0.40.0)
      term-ansicolor (~> 1.0.7)
      thor (>= 0.13.6)
    haml (3.1.4)
    json (1.6.5)
    mime-types (1.17.2)
    minitest (2.11.3)
    minitest-reporters (0.5.1)
      ansi
      minitest (~> 2.0)
      ruby-progressbar
    multi_json (1.1.0)
    nokogiri (1.5.0)
    pg (0.13.2)
    rack (1.4.1)
    rack-protection (1.2.0)
      rack
    rack-test (0.6.1)
      rack (>= 1.0)
    rake (0.9.2.2)
    rerun (0.6.5)
    ruby-progressbar (0.0.10)
    rubyzip (0.9.6.1)
    sass (3.1.15)
    selenium-webdriver (2.20.0)
      childprocess (>= 0.2.5)
      ffi (~> 1.0)
      multi_json (~> 1.0)
      rubyzip
    sequel (3.33.0)
    sinatra (1.3.2)
      rack (~> 1.3, >= 1.3.6)
      rack-protection (~> 1.2)
      tilt (~> 1.3, >= 1.3.3)
    term-ansicolor (1.0.7)
    thin (1.3.1)
      daemons (>= 1.0.9)
      eventmachine (>= 0.12.6)
      rack (>= 1.0.0)
    thor (0.14.6)
    tilt (1.3.3)
    turn (0.9.3)
      ansi
    watchr (0.7)
    xpath (0.1.4)
      nokogiri (~> 1.3)

PLATFORMS
  ruby

DEPENDENCIES
  annotate
  awesome_print
  capybara
  foreman
  haml
  json
  minitest
  minitest-reporters
  pg
  rack-test
  rake
  rerun
  sass
  sequel
  sinatra
  thin
  turn
  watchr
